GEM
  remote: https://rubygems.org/
  specs:
    coderay (1.1.2)
    m (1.5.1)
      method_source (>= 0.6.7)
      rake (>= 0.9.2.2)
    method_source (0.9.2)
    minitest (5.11.3)
    pry (0.12.2)
      coderay (~> 1.1.0)
      method_source (~> 0.9.0)
    rake (12.3.3)
    require_all (2.0.0)

PLATFORMS
  ruby

DEPENDENCIES
  m
  minitest
  pry (~> 0.12.2)
  require_all

BUNDLED WITH
   2.0.1
