GEM
  remote: https://rubygems.org/
  specs:
    binding_of_caller (0.8.0)
      debug_inspector (>= 0.0.1)
    byebug (9.0.6)
    coderay (1.1.2)
    debug_inspector (0.0.3)
    m (1.5.1)
      method_source (>= 0.6.7)
      rake (>= 0.9.2.2)
    metaclass (0.0.4)
    method_source (0.9.2)
    minitest (5.11.3)
    mocha (1.9.0)
      metaclass (~> 0.0.1)
    pry (0.12.2)
      coderay (~> 1.1.0)
      method_source (~> 0.9.0)
    pry-byebug (3.4.3)
      byebug (>= 9.0, < 9.1)
      pry (~> 0.10)
    pry-stack_explorer (0.4.9.3)
      binding_of_caller (>= 0.7)
      pry (>= 0.9.11)
    rake (12.3.3)
    require_all (2.0.0)

PLATFORMS
  ruby

DEPENDENCIES
  m
  minitest
  mocha
  pry (~> 0.12.2)
  pry-byebug (~> 3.4.0)
  pry-stack_explorer
  require_all

BUNDLED WITH
   2.0.1
